GEM
  remote: https://rubygems.org/
  specs:
    rack (2.1.4.1)
    rack-protection (1.5.5)
      rack
    sinatra (2.2.0)
      rack (~> 2.2)
      rack-protection (~> 1.5)
      tilt (~> 1.3, >= 1.3.4)
    tilt (1.4.1)

PLATFORMS
  ruby

DEPENDENCIES
  sinatra
